GEM
  remote: https://rubygems.org/
  specs:
    celluloid (0.15.2)
      timers (~> 1.1.0)
    celluloid-io (0.15.0)
      celluloid (>= 0.15.0)
      nio4r (>= 0.5.0)
    conject (0.1.8)
    cri (2.1.0)
    diff-lcs (1.2.5)
    faster_xml_simple (0.5.0)
      libxml-ruby (>= 0.3.8.4)
    ffi (1.9.3)
    gamebox (0.5.0)
      conject (>= 0.0.8)
      gosu
      i18n
      kvo (>= 0.1.0)
      listen (>= 2.4.0)
      publisher
      require_all
      thor
      tween
    gosu (0.7.50)
    httpclient (2.3.4.1)
    i18n (0.6.9)
    json (1.8.1)
    kvo (0.1.0)
      publisher
    libxml-ruby (2.7.0)
    listen (2.7.1)
      celluloid (>= 0.15.2)
      celluloid-io (>= 0.15.0)
      rb-fsevent (>= 0.9.3)
      rb-inotify (>= 0.9)
    mini_portile (0.5.2)
    net-github-upload (0.0.8)
      faster_xml_simple
      httpclient
      json
      nokogiri (>= 1.4.0)
    nio4r (1.0.0)
    nokogiri (1.6.1)
      mini_portile (~> 0.5.0)
    ocra (1.3.1)
    publisher (1.1.2)
    rake (0.9.2.2)
    rb-fsevent (0.9.4)
    rb-inotify (0.9.3)
      ffi (>= 0.5.0)
    releasy (0.2.2)
      cri (~> 2.1.0)
      net-github-upload (~> 0.0.8)
      ocra (~> 1.3.0)
      rake (~> 0.9.2.2)
      thor (~> 0.14.6)
    require_all (1.3.2)
    rspec (2.14.1)
      rspec-core (~> 2.14.0)
      rspec-expectations (~> 2.14.0)
      rspec-mocks (~> 2.14.0)
    rspec-core (2.14.8)
    rspec-expectations (2.14.5)
      diff-lcs (>= 1.1.3, < 2.0)
    rspec-mocks (2.14.6)
    thor (0.14.6)
    timers (1.1.0)
    tween (0.1.2)

PLATFORMS
  ruby

DEPENDENCIES
  conject
  gamebox (~> 0.5.0)
  rake
  releasy
  require_all
  rspec
